GEM
  remote: https://rubygems.org/
  specs:
    curses (1.3.1)
    ncursesw (1.4.10)
    print_variable (0.0.2)
    ripper-tags (0.7.0)
    timers (4.3.0)

PLATFORMS
  ruby

DEPENDENCIES
  curses
  ncursesw
  print_variable
  ripper-tags
  timers

BUNDLED WITH
   2.0.2
